GEM
  remote: http://rubygems.org/
  specs:
    minitest (5.10.1)
    rake (12.0.0)

PLATFORMS
  ruby

DEPENDENCIES
  minitest (~> 5.2)
  rake

BUNDLED WITH
   1.14.2
